GEM
  remote: http://rubygems.org/
  specs:
    activemodel (3.0.6)
      activesupport (= 3.0.6)
      builder (~> 2.1.2)
      i18n (~> 0.5.0)
    activesupport (3.0.6)
    bson (1.3.0)
    bson_ext (1.3.0)
    builder (2.1.2)
    configuration (1.2.0)
    diff-lcs (1.1.2)
    guard (0.3.0)
      open_gem (~> 1.4.2)
      thor (~> 0.14.6)
    guard-bundler (0.1.2)
      guard (>= 0.2.2)
    guard-rspec (0.2.0)
      guard (>= 0.2.2)
    i18n (0.5.0)
    launchy (0.3.7)
      configuration (>= 0.0.5)
      rake (>= 0.8.1)
    mocha (0.9.12)
    mongo (1.3.0)
      bson (>= 1.3.0)
    mongoid (2.0.1)
      activemodel (~> 3.0)
      mongo (~> 1.3)
      tzinfo (~> 0.3.22)
      will_paginate (~> 3.0.pre)
    open_gem (1.4.2)
      launchy (~> 0.3.5)
    rack (1.2.2)
    rake (0.8.7)
    rspec (2.5.0)
      rspec-core (~> 2.5.0)
      rspec-expectations (~> 2.5.0)
      rspec-mocks (~> 2.5.0)
    rspec-core (2.5.1)
    rspec-expectations (2.5.0)
      diff-lcs (~> 1.1.2)
    rspec-mocks (2.5.0)
    sinatra (1.2.2)
      rack (~> 1.1)
      tilt (< 2.0, >= 1.2.2)
    thor (0.14.6)
    tilt (1.2.2)
    tzinfo (0.3.26)
    will_paginate (3.0.pre2)

PLATFORMS
  ruby

DEPENDENCIES
  bson_ext (~> 1.3)
  guard (~> 0.3)
  guard-bundler
  guard-rspec
  mocha
  mongoid (~> 2.0)
  rspec (~> 2.5)
  sinatra (~> 1.2)
