GEM
  remote: http://rubygems.org/
  specs:
    activemodel (3.0.6)
      activesupport (= 3.0.6)
      builder (~> 2.1.2)
      i18n (~> 0.5.0)
    activesupport (3.0.6)
    archive-tar-minitar (0.5.2)
    bson (1.3.0)
    bson_ext (1.3.0)
    builder (2.1.2)
    columnize (0.3.2)
    configuration (1.2.0)
    daemons (1.1.2)
    database_cleaner (0.6.6)
    delayed_job (2.1.4)
      activesupport (~> 3.0)
      daemons
    delayed_job_mongoid (1.0.2)
      delayed_job (~> 2.1.1)
      mongoid (~> 2.0.0.rc)
    diff-lcs (1.1.2)
    fakeweb (1.3.0)
    growl (1.0.3)
    guard (0.3.0)
      open_gem (~> 1.4.2)
      thor (~> 0.14.6)
    guard-bundler (0.1.2)
      guard (>= 0.2.2)
    guard-pow (0.1.0)
      guard (>= 0.3.0)
    guard-rspec (0.2.0)
      guard (>= 0.2.2)
    i18n (0.5.0)
    launchy (0.3.7)
      configuration (>= 0.0.5)
      rake (>= 0.8.1)
    linecache19 (0.5.12)
      ruby_core_source (>= 0.1.4)
    mocha (0.9.12)
    mongo (1.3.0)
      bson (>= 1.3.0)
    mongoid (2.0.1)
      activemodel (~> 3.0)
      mongo (~> 1.3)
      tzinfo (~> 0.3.22)
      will_paginate (~> 3.0.pre)
    open_gem (1.4.2)
      launchy (~> 0.3.5)
    rack (1.2.2)
    rack-test (0.5.7)
      rack (>= 1.0)
    rake (0.8.7)
    rspec (2.5.0)
      rspec-core (~> 2.5.0)
      rspec-expectations (~> 2.5.0)
      rspec-mocks (~> 2.5.0)
    rspec-core (2.5.1)
    rspec-expectations (2.5.0)
      diff-lcs (~> 1.1.2)
    rspec-mocks (2.5.0)
    ruby-debug-base19 (0.11.25)
      columnize (>= 0.3.1)
      linecache19 (>= 0.5.11)
      ruby_core_source (>= 0.1.4)
    ruby-debug19 (0.11.6)
      columnize (>= 0.3.1)
      linecache19 (>= 0.5.11)
      ruby-debug-base19 (>= 0.11.19)
    ruby_core_source (0.1.5)
      archive-tar-minitar (>= 0.5.2)
    sinatra (1.2.2)
      rack (~> 1.1)
      tilt (< 2.0, >= 1.2.2)
    thor (0.14.6)
    tilt (1.2.2)
    tzinfo (0.3.26)
    will_paginate (3.0.pre2)

PLATFORMS
  ruby

DEPENDENCIES
  bson_ext (~> 1.3)
  database_cleaner
  delayed_job (~> 2.1)
  delayed_job_mongoid (~> 1.0)
  fakeweb (~> 1.3)
  growl
  guard (~> 0.3)
  guard-bundler
  guard-pow
  guard-rspec
  mocha
  mongoid (~> 2.0)
  rack-test
  rspec (~> 2.5)
  ruby-debug19
  sinatra (~> 1.2)
